GEM
  remote: http://rubygems.org/
  specs:
    ParseTree (3.0.7)
      RubyInline (>= 3.7.0)
      sexp_processor (>= 3.0.0)
    RubyInline (3.10.0)
      ZenTest (~> 4.3)
    ZenTest (4.6.2)
    diff-lcs (1.1.3)
    file-tail (1.0.6)
      spruz (~> 0.2)
    git (1.2.5)
    jeweler (1.5.2)
      bundler (~> 1.0.0)
      git (>= 1.2.5)
      rake
    libv8 (3.3.10.2)
    mime-types (1.16)
    minitest (2.5.1)
    predicated (0.2.6)
    rake (0.9.2)
    rcov (0.9.10)
    rest-client (1.6.7)
      mime-types (>= 1.16)
    ruby2ruby (1.3.0)
      ruby_parser (~> 2.0)
      sexp_processor (~> 3.0)
    ruby_parser (2.0.6)
      sexp_processor (~> 3.0)
    sexp_processor (3.0.6)
    sourcify (0.5.0)
      file-tail (>= 1.0.5)
      ruby2ruby (>= 1.2.5)
      ruby_parser (>= 2.0.5)
      sexp_processor (>= 3.0.5)
    spruz (0.2.13)
    therubyracer (0.9.4)
      libv8 (~> 3.3.10)
    wrong (0.5.6)
      ParseTree (~> 3.0)
      diff-lcs (~> 1.1.2)
      file-tail (~> 1.0)
      predicated (>= 0.2.3)
      ruby2ruby (~> 1.2)
      ruby_parser (~> 2.0.4)
      sexp_processor (~> 3.0)
      sourcify (>= 0.3.0)
    yard (0.6.8)

PLATFORMS
  ruby

DEPENDENCIES
  bundler (~> 1.0.0)
  jeweler (~> 1.5.2)
  minitest
  rcov
  rest-client
  therubyracer
  wrong
  yard (~> 0.6.0)
